GIT
  remote: https://github.com/jeffkowalski/influxdb-ruby.git
  revision: 1cfcc503b96b7e275a7f629def3a42d7357d9b93
  specs:
    influxdb (0.7.1)

GEM
  remote: https://rubygems.org/
  specs:
    coderay (1.1.3)
    domain_name (0.5.20190701)
      unf (>= 0.0.5, < 1.0.0)
    http-accept (1.7.0)
    http-cookie (1.0.3)
      domain_name (~> 0.5)
    method_source (1.0.0)
    mime-types (3.3.1)
      mime-types-data (~> 3.2015)
    mime-types-data (3.2020.1104)
    netrc (0.11.0)
    pry (0.13.1)
      coderay (~> 1.1)
      method_source (~> 1.0)
    pry-doc (1.1.0)
      pry (~> 0.11)
      yard (~> 0.9.11)
    rest-client (2.1.0)
      http-accept (>= 1.7.0, < 2.0)
      http-cookie (>= 1.0.2, < 2.0)
      mime-types (>= 1.16, < 4.0)
      netrc (~> 0.8)
    thor (1.0.1)
    unf (0.1.4)
      unf_ext
    unf_ext (0.0.7.7)
    yard (0.9.25)

PLATFORMS
  ruby

DEPENDENCIES
  influxdb!
  method_source (>= 0.8.2)
  pry
  pry-doc (>= 0.6.0)
  rest-client
  thor

BUNDLED WITH
   2.1.4
